GEM
  remote: https://rubygems.org/
  specs:
    addressable (2.3.3)
    blitz (0.1.20)
      couchrest (~> 1.0.1)
      hexy (~> 0.1.1)
      json (~> 1.5.1)
      json_pure (~> 1.5.1)
      rest-client (~> 1.6.1)
      rspec (~> 2.6)
      rspec-core (~> 2.6)
      term-ansicolor (= 1.0.5)
    couchrest (1.0.2)
      json (~> 1.5.1)
      mime-types (~> 1.15)
      rest-client (~> 1.6.1)
    diff-lcs (1.2.4)
    excon (0.20.1)
    heroku (2.37.2)
      heroku-api (~> 0.3.7)
      launchy (>= 0.3.2)
      netrc (~> 0.7.7)
      rest-client (~> 1.6.1)
      rubyzip
    heroku-api (0.3.9)
      excon (~> 0.20.1)
    hexy (0.1.2)
    json (1.5.5)
    json_pure (1.5.5)
      spruz (~> 0.2.8)
    launchy (2.2.0)
      addressable (~> 2.3)
    mime-types (1.22)
    netrc (0.7.7)
    newrelic_rpm (3.6.2.96)
    rack (1.5.2)
    rack-protection (1.5.0)
      rack
    rake (10.0.3)
    rest-client (1.6.7)
      mime-types (>= 1.16)
    rspec (2.13.0)
      rspec-core (~> 2.13.0)
      rspec-expectations (~> 2.13.0)
      rspec-mocks (~> 2.13.0)
    rspec-core (2.13.1)
    rspec-expectations (2.13.0)
      diff-lcs (>= 1.1.3, < 2.0)
    rspec-mocks (2.13.1)
    rubyzip (0.9.9)
    sinatra (1.4.2)
      rack (~> 1.5, >= 1.5.2)
      rack-protection (~> 1.4)
      tilt (~> 1.3, >= 1.3.4)
    spruz (0.2.13)
    term-ansicolor (1.0.5)
    tilt (1.3.6)

PLATFORMS
  ruby

DEPENDENCIES
  blitz
  heroku
  newrelic_rpm
  rake
  sinatra
